GIT
  remote: https://github.com/citizensadvice/citizens-advice-style-ruby
  revision: c084221dc43f6db555d748c4c6a786bbed417027
  tag: v6.0.0
  specs:
    citizens-advice-style (6.0.0)
      rubocop (~> 1.24.1)
      rubocop-rspec (~> 2.7.0)

PATH
  remote: .
  specs:
    strong_attributes (0.0.4)
      activemodel (>= 6.1.0)

GEM
  remote: https://rubygems.org/
  specs:
    activemodel (7.0.1)
      activesupport (= 7.0.1)
    activesupport (7.0.1)
      concurrent-ruby (~> 1.0, >= 1.0.2)
      i18n (>= 1.6, < 2)
      minitest (>= 5.1)
      tzinfo (~> 2.0)
    ast (2.4.2)
    concurrent-ruby (1.1.9)
    debug (1.4.0)
      irb (>= 1.3.6)
      reline (>= 0.2.7)
    diff-lcs (1.5.0)
    i18n (1.8.11)
      concurrent-ruby (~> 1.0)
    io-console (0.5.11)
    irb (1.4.1)
      reline (>= 0.3.0)
    minitest (5.15.0)
    parallel (1.21.0)
    parser (3.1.0.0)
      ast (~> 2.4.1)
    rainbow (3.1.1)
    regexp_parser (2.2.0)
    reline (0.3.1)
      io-console (~> 0.5)
    rexml (3.2.5)
    rspec (3.10.0)
      rspec-core (~> 3.10.0)
      rspec-expectations (~> 3.10.0)
      rspec-mocks (~> 3.10.0)
    rspec-core (3.10.1)
      rspec-support (~> 3.10.0)
    rspec-expectations (3.10.1)
      diff-lcs (>= 1.2.0, < 2.0)
      rspec-support (~> 3.10.0)
    rspec-mocks (3.10.2)
      diff-lcs (>= 1.2.0, < 2.0)
      rspec-support (~> 3.10.0)
    rspec-support (3.10.3)
    rubocop (1.24.1)
      parallel (~> 1.10)
      parser (>= 3.0.0.0)
      rainbow (>= 2.2.2, < 4.0)
      regexp_parser (>= 1.8, < 3.0)
      rexml
      rubocop-ast (>= 1.15.1, < 2.0)
      ruby-progressbar (~> 1.7)
      unicode-display_width (>= 1.4.0, < 3.0)
    rubocop-ast (1.15.1)
      parser (>= 3.0.1.1)
    rubocop-rspec (2.7.0)
      rubocop (~> 1.19)
    ruby-progressbar (1.11.0)
    shoulda-matchers (5.1.0)
      activesupport (>= 5.2.0)
    tzinfo (2.0.4)
      concurrent-ruby (~> 1.0)
    unicode-display_width (2.1.0)

PLATFORMS
  x86_64-darwin-20
  x86_64-darwin-21

DEPENDENCIES
  citizens-advice-style!
  debug
  rspec
  shoulda-matchers
  strong_attributes!

BUNDLED WITH
   2.3.3
